PATH
  remote: .
  specs:
    rake-minify (0.4.0)
      jsmin (~> 1.0.1)
      rake (>= 0.8.7)

GEM
  remote: https://rubygems.org/
  specs:
    ZenTest (4.5.0)
    autotest (4.4.6)
      ZenTest (>= 4.4.1)
    builder (3.0.0)
    coffee-script (2.2.0)
      coffee-script-source
      execjs
    coffee-script-source (1.1.1)
    cucumber (1.1.9)
      builder (>= 2.1.2)
      diff-lcs (>= 1.1.2)
      gherkin (~> 2.9.0)
      json (>= 1.4.6)
      term-ansicolor (>= 1.0.6)
    diff-lcs (1.1.3)
    execjs (1.0.0)
      multi_json (~> 1.0)
    gherkin (2.9.0)
      json (>= 1.4.6)
    jsmin (1.0.1)
    json (1.6.5)
    libv8 (3.3.10.4)
    multi_json (1.0.3)
    notifier (0.1.3)
    rake (10.0.3)
    rcov (0.9.9)
    rspec (2.5.0)
      rspec-core (~> 2.5.0)
      rspec-expectations (~> 2.5.0)
      rspec-mocks (~> 2.5.0)
    rspec-core (2.5.2)
    rspec-expectations (2.5.0)
      diff-lcs (~> 1.1.2)
    rspec-mocks (2.5.0)
    term-ansicolor (1.0.7)
    test_notifier (0.3.6)
      notifier
    therubyracer (0.9.10)
      libv8 (~> 3.3.10)

PLATFORMS
  ruby

DEPENDENCIES
  autotest (~> 4.4)
  coffee-script (>= 2.2.0)
  cucumber
  rake-minify!
  rcov
  rspec (~> 2.5.0)
  test_notifier (~> 0.3.6)
  therubyracer
