PATH
  remote: .
  specs:
    rake-minify (0.3.1)
      jsmin (~> 1.0.1)
      rake (~> 0.9.0)
      rake-minify

GEM
  remote: http://rubygems.org/
  specs:
    ZenTest (4.5.0)
    autotest (4.4.6)
      ZenTest (>= 4.4.1)
    builder (3.0.0)
    coffee-script (2.2.0)
      coffee-script-source
      execjs
    coffee-script-source (1.1.1)
    cucumber (0.10.3)
      builder (>= 2.1.2)
      diff-lcs (>= 1.1.2)
      gherkin (>= 2.3.8)
      json (>= 1.4.6)
      term-ansicolor (>= 1.0.5)
    diff-lcs (1.1.2)
    execjs (1.0.0)
      multi_json (~> 1.0)
    gherkin (2.3.9)
      json (>= 1.4.6)
    git (1.2.5)
    jeweler (1.5.2)
      bundler (~> 1.0.0)
      git (>= 1.2.5)
      rake
    jsmin (1.0.1)
    json (1.5.1)
    multi_json (1.0.3)
    notifier (0.1.3)
    rake (0.9.0)
    rcov (0.9.9)
    rspec (2.5.0)
      rspec-core (~> 2.5.0)
      rspec-expectations (~> 2.5.0)
      rspec-mocks (~> 2.5.0)
    rspec-core (2.5.2)
    rspec-expectations (2.5.0)
      diff-lcs (~> 1.1.2)
    rspec-mocks (2.5.0)
    term-ansicolor (1.0.5)
    test_notifier (0.3.6)
      notifier
    therubyracer (0.8.2)

PLATFORMS
  ruby

DEPENDENCIES
  autotest (~> 4.4)
  coffee-script (>= 2.2.0)
  cucumber
  jeweler (~> 1.5.2)
  rake-minify!
  rcov
  rspec (~> 2.5.0)
  test_notifier (~> 0.3.6)
  therubyracer
