PATH
  remote: .
  specs:
    rake-minify (0.4.0)
      jsmin (~> 1.0.1)
      rake (>= 0.8.7)

GEM
  remote: https://rubygems.org/
  specs:
    ZenTest (4.8.3)
    autotest (4.4.6)
      ZenTest (>= 4.4.1)
    builder (3.1.4)
    coffee-script (2.2.0)
      coffee-script-source
      execjs
    coffee-script-source (1.4.0)
    cucumber (1.2.1)
      builder (>= 2.1.2)
      diff-lcs (>= 1.1.3)
      gherkin (~> 2.11.0)
      json (>= 1.4.6)
    diff-lcs (1.1.3)
    execjs (1.4.0)
      multi_json (~> 1.0)
    gherkin (2.11.5)
      json (>= 1.4.6)
    jsmin (1.0.1)
    json (1.7.5)
    libv8 (3.3.10.4)
    multi_json (1.5.0)
    notifier (0.4.1)
    rake (10.0.3)
    rdoc (3.12)
      json (~> 1.4)
    rspec (2.12.0)
      rspec-core (~> 2.12.0)
      rspec-expectations (~> 2.12.0)
      rspec-mocks (~> 2.12.0)
    rspec-core (2.12.2)
    rspec-expectations (2.12.1)
      diff-lcs (~> 1.1.3)
    rspec-mocks (2.12.1)
    simplecov (0.7.1)
      multi_json (~> 1.0)
      simplecov-html (~> 0.7.1)
    simplecov-html (0.7.1)
    test_notifier (0.3.6)
      notifier
    therubyracer (0.9.10)
      libv8 (~> 3.3.10)

PLATFORMS
  ruby

DEPENDENCIES
  autotest (~> 4.4)
  coffee-script (>= 2.2.0)
  cucumber
  rake-minify!
  rdoc (~> 3.12)
  rspec (~> 2.12.0)
  simplecov
  test_notifier (~> 0.3.6)
  therubyracer
